GEM
  remote: https://rubygems.org/
  specs:
    linefit (0.3.3)
    mini_portile2 (2.1.0)
    nokogiri (1.7.0.1)
      mini_portile2 (~> 2.1.0)

PLATFORMS
  ruby

DEPENDENCIES
  linefit
  nokogiri

BUNDLED WITH
   1.12.5
